PATH
  remote: .
  specs:
    leboncoin (0.1.2)
      faraday (~> 0.8)
      nokogiri (~> 1.6.1)

GEM
  remote: https://rubygems.org/
  specs:
    faraday (0.9.2)
      multipart-post (>= 1.2, < 3)
    mini_portile (0.6.2)
    multipart-post (2.0.0)
    nokogiri (1.6.6.4)
      mini_portile (~> 0.6.0)
    vcr (2.8.0)

PLATFORMS
  ruby

DEPENDENCIES
  bundler (~> 1.5)
  leboncoin!
  vcr (~> 2.8.0)

BUNDLED WITH
   1.10.6
